GEM
  remote: https://rubygems.org/
  specs:
    coderay (1.1.2)
    httpparty (0.0.7)
    method_source (0.9.0)
    pry (0.11.3)
      coderay (~> 1.1.0)
      method_source (~> 0.9.0)

PLATFORMS
  ruby

DEPENDENCIES
  httpparty
  pry

BUNDLED WITH
   1.16.1
